PATH
  remote: .
  specs:
    epg_util_icon (1.0.2)
      everyday-plugins (~> 1.2, >= 1.2.2)
      fastimage_resize (~> 2.0, >= 2.0.3)

GEM
  remote: https://rubygems.org/
  specs:
    RubyInline (3.12.5)
      ZenTest (~> 4.3)
    ZenTest (4.12.0)
    everyday-cli-utils (1.8.7.2)
    everyday-plugins (1.2.2)
      everyday-cli-utils (~> 1.8, >= 1.8.7.2)
    fastimage (2.1.7)
    fastimage_resize (2.0.3)
      RubyInline (>= 3.8.2)
      fastimage (>= 1.2.9)
    rake (12.3.3)

PLATFORMS
  ruby

DEPENDENCIES
  bundler (~> 2.0)
  epg_util_icon!
  rake (~> 12.3)

BUNDLED WITH
   2.1.4
