PATH
  remote: .
  specs:
    epg_util_icon (1.0.0)
      everyday-plugins (~> 1.2)
      fastimage_resize (~> 2.0, >= 2.0.3)

GEM
  remote: https://rubygems.org/
  specs:
    RubyInline (3.12.4)
      ZenTest (~> 4.3)
    ZenTest (4.11.0)
    addressable (2.4.0)
    everyday-cli-utils (1.8.6)
    everyday-plugins (1.2.1)
      everyday-cli-utils (~> 1.8, >= 1.8.6)
    fastimage (1.8.1)
      addressable (~> 2.3, >= 2.3.5)
    fastimage_resize (2.0.3)
      RubyInline (>= 3.8.2)
      fastimage (>= 1.2.9)
    rake (10.4.2)

PLATFORMS
  ruby

DEPENDENCIES
  bundler (~> 1.10, >= 1.10.4)
  epg_util_icon!
  rake (~> 10.4)

BUNDLED WITH
   1.11.2
